GEM
  remote: https://rubygems.org/
  specs:
    minitest (5.25.1)

PLATFORMS
  arm64-darwin-22

DEPENDENCIES
  minitest (~> 5.25)

BUNDLED WITH
   2.4.10
